NUGET
  remote: https://www.nuget.org/api/v2
    Endorphin.Abstract (0.3.2)
      Endorphin.Core
      FSharp.Core
    Endorphin.Core (0.3.8)
      FSharp.Core
      log4net (>= 2.0 < 3.0)
    FSharp.Charting (0.90.14)
    FSharp.Control.Reactive (3.4.1)
      Rx-Core (>= 2.2.5)
      Rx-Interfaces (>= 2.2.5)
      Rx-Linq (>= 2.2.5)
    FSharp.Core (4.0.0.1) - redirects: force
    log4net (2.0.5)
    Rx-Core (2.2.5)
      Rx-Interfaces (>= 2.2.5)
    Rx-Interfaces (2.2.5)
    Rx-Linq (2.2.5)
      Rx-Core (>= 2.2.5)
      Rx-Interfaces (>= 2.2.5)
    Rx-PlatformServices (2.2.5)
      Rx-Core (>= 2.2.5)
      Rx-Interfaces (>= 2.2.5)
GITHUB
  remote: WarwickEPR/Endorphin.Core
    src/Endorphin.Core.Choice.fs (5299c72d1ade572e4705e91720dc7b0e97ad7c15)
    src/Endorphin.Core.Collections.fs (5299c72d1ade572e4705e91720dc7b0e97ad7c15)
    src/Endorphin.Core.Control.fs (5299c72d1ade572e4705e91720dc7b0e97ad7c15)
    src/Endorphin.Core.Reactive.fs (5299c72d1ade572e4705e91720dc7b0e97ad7c15)
GROUP Build
NUGET
  remote: https://www.nuget.org/api/v2
    FAKE (4.39.1)
    FSharp.Compiler.Service (2.0.0.6)
    FSharp.Formatting (2.14.4)
      FSharp.Compiler.Service (2.0.0.6)
      FSharpVSPowerTools.Core (>= 2.3 < 2.4)
    FSharpVSPowerTools.Core (2.3)
      FSharp.Compiler.Service (>= 2.0.0.3)
    Microsoft.Bcl (1.1.10) - framework: net10, net11, net20, net30, net35, net40, net40-full
      Microsoft.Bcl.Build (>= 1.0.14)
    Microsoft.Bcl.Build (1.0.21) - import_targets: false, framework: net10, net11, net20, net30, net35, net40, net40-full
    Microsoft.Net.Http (2.2.29) - framework: net10, net11, net20, net30, net35, net40, net40-full
      Microsoft.Bcl (>= 1.1.10)
      Microsoft.Bcl.Build (>= 1.0.14)
    Octokit (0.22)
      Microsoft.Net.Http  - framework: net10, net11, net20, net30, net35, net40, net40-full
    SourceLink.Fake (1.1)
GITHUB
  remote: fsharp/FAKE
    modules/Octokit/Octokit.fsx (73589a85a5e30a2c78d61efccdd3446a99483142)
      Octokit (>= 0.20)